GEM
  remote: https://rubygems.org/
  specs:
    atk (4.1.2)
      glib2 (= 4.1.2)
    cairo (1.17.8)
      native-package-installer (>= 1.0.3)
      pkg-config (>= 1.2.2)
      red-colors
    cairo-gobject (4.1.2)
      cairo (>= 1.16.2)
      glib2 (= 4.1.2)
    fiddle (1.1.0)
    gdk3 (4.1.2)
      cairo-gobject (= 4.1.2)
      gdk_pixbuf2 (= 4.1.2)
      pango (= 4.1.2)
    gdk_pixbuf2 (4.1.2)
      gio2 (= 4.1.2)
    gio2 (4.1.2)
      fiddle
      gobject-introspection (= 4.1.2)
    glib2 (4.1.2)
      native-package-installer (>= 1.0.3)
      pkg-config (>= 1.3.5)
    gobject-introspection (4.1.2)
      glib2 (= 4.1.2)
    gtk3 (4.1.2)
      atk (= 4.1.2)
      gdk3 (= 4.1.2)
    matrix (0.4.2)
    native-package-installer (1.1.5)
    pango (4.1.2)
      cairo-gobject (= 4.1.2)
      gobject-introspection (= 4.1.2)
    pkg-config (1.5.1)
    red-colors (0.3.0)
      matrix

PLATFORMS
  x64-mingw-ucrt

DEPENDENCIES
  gtk3

BUNDLED WITH
   2.4.7
